GEM
  remote: https://rubygems.org/
  specs:
    asciidoctor (2.0.10)
    rouge (3.13.0)

PLATFORMS
  ruby

DEPENDENCIES
  asciidoctor
  rouge

BUNDLED WITH
   2.0.1
