GEM
  remote: https://rubygems.org/
  specs:
    asciidoctor (2.0.10)
    coderay (1.1.2)

PLATFORMS
  ruby

DEPENDENCIES
  asciidoctor
  coderay

BUNDLED WITH
   2.0.1
